PATH
  remote: .
  specs:
    petfinder (0.1.2)
      happymapper
      httparty

GEM
  remote: http://rubygems.org/
  specs:
    diff-lcs (1.1.3)
    fakeweb (1.3.0)
    happymapper (0.4.0)
      libxml-ruby (~> 2.0)
    httparty (0.9.0)
      multi_json (~> 1.0)
      multi_xml
    libxml-ruby (2.3.3)
    multi_json (1.3.6)
    multi_xml (0.5.1)
    rspec (2.11.0)
      rspec-core (~> 2.11.0)
      rspec-expectations (~> 2.11.0)
      rspec-mocks (~> 2.11.0)
    rspec-core (2.11.1)
    rspec-expectations (2.11.3)
      diff-lcs (~> 1.1.3)
    rspec-mocks (2.11.2)

PLATFORMS
  ruby

DEPENDENCIES
  bundler
  fakeweb
  petfinder!
  rspec
